GEM
  remote: http://rubygems.org/
  specs:
    CFPropertyList (2.2.8)
    facter (2.4.6)
      CFPropertyList (~> 2.2.6)
    hiera (1.3.4)
      json_pure
    json_pure (1.8.3)
    puppet (3.8.6)
      facter (> 1.6, < 3)
      hiera (~> 1.0)
      json_pure
    rake (11.1.2)
    vault (0.4.0)

PLATFORMS
  ruby

DEPENDENCIES
  puppet (~> 3.8)
  rake
  vault (~> 0.4)
